GIT
  remote: git://github.com/petethepig/marmot.git
  revision: dd4877fbe1eb40cbbfe49b3a2d2f143aa6db2c58
  specs:
    marmot (0.0.5)
      httmultiparty
      json
      trollop

GEM
  remote: http://rubygems.org/
  specs:
    httmultiparty (0.3.16)
      httparty (>= 0.7.3)
      mimemagic
      multipart-post
    httparty (0.18.1)
      mime-types (~> 3.0)
      multi_xml (>= 0.5.2)
    json (2.3.1)
    mime-types (3.3.1)
      mime-types-data (~> 3.2015)
    mime-types-data (3.2020.0512)
    mimemagic (0.3.5)
    multi_xml (0.6.0)
    multipart-post (2.1.1)
    trollop (2.1.2)

PLATFORMS
  ruby
  x64-mingw32

DEPENDENCIES
  marmot!

BUNDLED WITH
   1.13.7
